GEM
  remote: https://rubygems.org/
  specs:
    chunky_png (1.3.5)
    compass (0.12.2)
      chunky_png (~> 1.2)
      fssm (>= 0.2.7)
      sass (~> 3.1)
    compass-normalize (1.5)
      compass (>= 0.12.0)
    fssm (0.2.10)
    sass (3.2.9)
    sass-globbing (1.1.0)
      sass (>= 3.1)

PLATFORMS
  ruby

DEPENDENCIES
  compass (= 0.12.2)
  compass-normalize
  sass (= 3.2.9)
  sass-globbing (= 1.1.0)

BUNDLED WITH
   1.10.6
